GIT
  remote: git://github.com/brianmario/mysql2.git
  revision: 3c7548851f5bf124eb23307286ef95d61172ac4b
  branch: 0.2.x
  specs:
    mysql2 (0.2.22)

PATH
  remote: .
  specs:
    actionmailer (3.0.20)
      actionpack (= 3.0.20)
      mail (~> 2.2)
    actionpack (3.0.20)
      activemodel (= 3.0.20)
      activesupport (= 3.0.20)
      builder (~> 3.2.0)
      erubis (~> 2.7.0)
      i18n (~> 0.6.0)
      rack (~> 1.4.1)
      rack-mount (~> 0.6.14)
      rack-test (~> 0.6.1)
      tzinfo (~> 0.3.23)
    activemodel (3.0.20)
      activesupport (= 3.0.20)
      builder (~> 3.2.0)
      i18n (~> 0.6)
    activerecord (3.0.20)
      activemodel (= 3.0.20)
      activesupport (= 3.0.20)
      arel (~> 2.2.3)
      tzinfo (~> 0.3.29)
    activeresource (3.0.20)
      activemodel (= 3.0.20)
      activesupport (= 3.0.20)
    activesupport (3.0.20)
    rails (3.0.20)
      actionmailer (= 3.0.20)
      actionpack (= 3.0.20)
      activerecord (= 3.0.20)
      activeresource (= 3.0.20)
      activesupport (= 3.0.20)
      bundler (~> 1.0)
      railties (= 3.0.20)
    railties (3.0.20)
      actionpack (= 3.0.20)
      activesupport (= 3.0.20)
      rake (>= 0.8.7)
      rdoc (~> 3.4)
      thor (~> 0.18)

GEM
  remote: http://rubygems.org/
  specs:
    addressable (2.3.6)
    arel (2.2.3)
    bcrypt-ruby (3.0.1)
    builder (3.2.2)
    coderay (1.1.0)
    erubis (2.7.0)
    faker (1.3.0)
      i18n (~> 0.5)
    horo (1.0.3)
      rdoc (>= 2.5)
    i18n (0.6.9)
    json (1.8.1)
    mail (2.5.4)
      mime-types (~> 1.16)
      treetop (~> 1.4.8)
    memcache-client (1.8.5)
    metaclass (0.0.4)
    method_source (0.8.2)
    mime-types (1.25.1)
    mini_portile (0.5.3)
    mocha (1.0.0)
      metaclass (~> 0.0.1)
    mysql (2.9.1)
    nokogiri (1.6.1)
      mini_portile (~> 0.5.0)
    pg (0.17.1)
    polyglot (0.3.4)
    pry (0.9.12.6)
      coderay (~> 1.0)
      method_source (~> 0.8)
      slop (~> 3.4)
    rack (1.4.5)
    rack-mount (0.6.14)
      rack (>= 1.0.0)
    rack-test (0.6.2)
      rack (>= 1.0)
    rake (10.2.2)
    rbench (0.2.3)
    rdoc (3.12.2)
      json (~> 1.4)
    slop (3.5.0)
    sqlite3 (1.3.9)
    thor (0.19.1)
    treetop (1.4.15)
      polyglot
      polyglot (>= 0.3.1)
    tzinfo (0.3.39)
    yajl-ruby (1.2.0)

PLATFORMS
  ruby

DEPENDENCIES
  addressable
  arel
  bcrypt-ruby (~> 3.0.0)
  faker
  horo (= 1.0.3)
  json
  memcache-client (>= 1.8.5)
  mocha (>= 0.13.0)
  mysql (>= 2.8.1)
  mysql2!
  nokogiri (>= 1.4.4)
  pg (>= 0.9.0)
  pry
  rails!
  rake (>= 0.8.7)
  rbench
  rdoc (~> 3.4)
  sqlite3 (~> 1.3.3)
  yajl-ruby
